GEM
  remote: https://rubygems.org/
  specs:
    rotp (6.2.0)

PLATFORMS
  ruby

DEPENDENCIES
  rotp

RUBY VERSION
   ruby 2.7.1p83

BUNDLED WITH
   2.1.4
